PATH
  remote: .
  specs:
    activerecord_use_slave (0.0.5)
      activerecord

GEM
  specs:
    activemodel (3.1.6)
      activesupport (= 3.1.6)
      builder (~> 3.0.0)
      i18n (~> 0.6)
    activerecord (3.1.6.patched)
      activemodel (= 3.1.6)
      activesupport (= 3.1.6)
      arel (~> 2.2.3)
      tzinfo (~> 0.3.29)
    activesupport (3.1.6)
      multi_json (>= 1.0, < 1.3)
    arel (2.2.3)
    builder (3.0.0)
    i18n (0.6.0)
    multi_json (1.2.0)
    mysql2 (0.3.11)
    rake (0.9.2.2)
    standalone_migrations (1.0.10)
      activerecord (>= 3)
      rake
    test-unit (2.5.0)
    tzinfo (0.3.33)

PLATFORMS
  ruby

DEPENDENCIES
  activerecord_use_slave!
  mysql2
  standalone_migrations
  test-unit
